GEM
  remote: https://rubygems.org/
  specs:
    pg (0.18.4)
    rack (2.0.5)
    roda (3.7.0)
      rack
    sequel (5.7.1)

PLATFORMS
  ruby

DEPENDENCIES
  pg (~> 0.18.4)
  roda (~> 3.7.0)
  sequel (~> 5.7.0)

BUNDLED WITH
   1.16.0
