GEM
  remote: https://rubygems.org/
  specs:
    rack (2.0.5)
    roda (3.7.0)
      rack

PLATFORMS
  ruby

DEPENDENCIES
  roda (~> 3.7.0)

BUNDLED WITH
   1.16.0
