GEM
  remote: https://rubygems.org/
  specs:
    rack (2.0.5)
    roda (2.1.0)
      rack

PLATFORMS
  ruby

DEPENDENCIES
  roda (~> 2.1.0)

BUNDLED WITH
   1.16.0
